GEM
  remote: https://rubygems.org/
  specs:
    addressable (2.5.2)
      public_suffix (>= 2.0.2, < 4.0)
    ast (2.4.0)
    faraday (0.15.4)
      multipart-post (>= 1.2, < 3)
    git (1.5.0)
    highline (2.0.0)
    jaro_winkler (1.5.2)
    multipart-post (2.0.0)
    octokit (4.13.0)
      sawyer (~> 0.8.0, >= 0.5.3)
    parallel (1.12.1)
    parser (2.5.3.0)
      ast (~> 2.4.0)
    phraseapp-ruby (2.1.0)
    powerpack (0.1.2)
    public_suffix (3.0.3)
    rainbow (3.0.0)
    rake (12.3.2)
    rubocop (0.58.2)
      jaro_winkler (~> 1.5.1)
      parallel (~> 1.10)
      parser (>= 2.5, != 2.5.1.1)
      powerpack (~> 0.1)
      rainbow (>= 2.2.2, < 4.0)
      ruby-progressbar (~> 1.7)
      unicode-display_width (~> 1.0, >= 1.0.1)
    rubocop-airbnb (2.0.0)
      rubocop (~> 0.58.0)
      rubocop-rspec (~> 1.30.0)
    rubocop-rspec (1.30.0)
      rubocop (>= 0.58.0)
    ruby-progressbar (1.10.0)
    sawyer (0.8.1)
      addressable (>= 2.3.5, < 2.6)
      faraday (~> 0.8, < 1.0)
    unicode-display_width (1.4.1)

PLATFORMS
  ruby

DEPENDENCIES
  bundler (~> 1.17)
  git (~> 1.5)
  highline (~> 2.0)
  octokit (~> 4.13)
  phraseapp-ruby (~> 2.1)
  rainbow (~> 3.0)
  rake (~> 12.3)
  rubocop-airbnb (~> 2.0)

BUNDLED WITH
   1.17.3
